GEM
  remote: https://rubygems.org/
  specs:
    ast (2.4.2)
    bcrypt (3.1.18)
    coderay (1.1.3)
    debug (1.7.1)
      irb (>= 1.5.0)
      reline (>= 0.3.1)
    dotenv (2.8.1)
    erubis (2.7.0)
    io-console (0.6.0)
    irb (1.6.2)
      reline (>= 0.3.0)
    json (2.6.3)
    method_source (1.0.0)
    nio4r (2.5.8)
    parallel (1.22.1)
    parser (3.2.0.0)
      ast (~> 2.4.1)
    pg (1.4.5)
    pry (0.14.2)
      coderay (~> 1.1)
      method_source (~> 1.0)
    puma (6.0.2)
      nio4r (~> 2.0)
    rack (3.0.4.1)
    rack-protection (1.5.5)
      rack
    rack-unreloader (2.1.0)
    rack_csrf (2.5.0)
      rack (>= 1.1.0)
    rackup (2.1.0)
      rack (>= 3)
      webrick (~> 1.8)
    rainbow (3.1.1)
    rake (13.0.6)
    regexp_parser (2.6.2)
    reline (0.3.2)
      io-console (~> 0.5)
    rexml (3.2.5)
    roda (3.61.0)
      rack
    rubocop (1.44.1)
      json (~> 2.3)
      parallel (~> 1.10)
      parser (>= 3.2.0.0)
      rainbow (>= 2.2.2, < 4.0)
      regexp_parser (>= 1.8, < 3.0)
      rexml (>= 3.2.5, < 4.0)
      rubocop-ast (>= 1.24.1, < 2.0)
      ruby-progressbar (~> 1.7)
      unicode-display_width (>= 2.4.0, < 3.0)
    rubocop-ast (1.24.1)
      parser (>= 3.1.1.0)
    rubocop-packaging (0.5.2)
      rubocop (>= 1.33, < 2.0)
    rubocop-performance (1.15.2)
      rubocop (>= 1.7.0, < 2.0)
      rubocop-ast (>= 0.4.0)
    ruby-progressbar (1.11.0)
    sequel (5.64.0)
    sequel-annotate (1.7.0)
      sequel (>= 4)
    tilt (2.0.11)
    unicode-display_width (2.4.2)
    webrick (1.8.1)

PLATFORMS
  ruby

DEPENDENCIES
  bcrypt (~> 3.1.10)
  debug
  dotenv (~> 2.1, >= 2.1.1)
  erubis (~> 2.7)
  pg (~> 1.4.4)
  pry (~> 0.14)
  puma (~> 6.0)
  rack (~> 3.0, >= 2.2.3)
  rack-protection (~> 1.5.3)
  rack-unreloader
  rack_csrf (~> 2.5.0)
  rackup
  rake
  roda (~> 3.61.0)
  rubocop
  rubocop-packaging
  rubocop-performance
  sequel (~> 5.21)
  sequel-annotate
  tilt (~> 2.0, >= 2.0.8)

BUNDLED WITH
   2.2.33
